GIT
  remote: git://github.com/jnewland/nagiosharder.git
  revision: 0b9244710eb7162614576721c4b263df6a2540c8
  ref: 0b9244710eb7162614576721c4b263df6a2540c8
  specs:
    nagiosharder (0.5.0.rc1)
      activesupport
      hashie (~> 1.2.0)
      httparty (~> 0.8.3)
      i18n
      nokogiri
      rest-client (~> 1.6.1)
      terminal-table

GEM
  remote: https://rubygems.org/
  specs:
    activesupport (4.0.2)
      i18n (~> 0.6, >= 0.6.4)
      minitest (~> 4.2)
      multi_json (~> 1.3)
      thread_safe (~> 0.1)
      tzinfo (~> 0.3.37)
    atomic (1.1.14)
    hashie (1.2.0)
    httparty (0.8.3)
      multi_json (~> 1.0)
      multi_xml
    i18n (0.6.9)
    mime-types (2.1)
    mini_portile (0.5.2)
    minitest (4.7.5)
    multi_json (1.8.4)
    multi_xml (0.5.5)
    nokogiri (1.6.1)
      mini_portile (~> 0.5.0)
    rest-client (1.6.7)
      mime-types (>= 1.16)
    terminal-table (1.4.5)
    thread_safe (0.1.3)
      atomic
    tzinfo (0.3.38)

PLATFORMS
  ruby

DEPENDENCIES
  nagiosharder!
